GEM
  remote: http://rubygems.org/
  specs:
    activemodel (3.0.3)
      activesupport (= 3.0.3)
      builder (~> 2.1.2)
      i18n (~> 0.4)
    activerecord (3.0.3)
      activemodel (= 3.0.3)
      activesupport (= 3.0.3)
      arel (~> 2.0.2)
      tzinfo (~> 0.3.23)
    activerecord-jdbc-adapter (1.1.1)
    activesupport (3.0.3)
    arel (2.0.7)
    bouncy-castle-java (1.5.0145.2)
    builder (2.1.2)
    git (1.2.5)
    i18n (0.5.0)
    jdbc-sqlite3 (3.6.14.2.056-java)
    jeweler (1.5.2)
      bundler (~> 1.0.0)
      git (>= 1.2.5)
      rake
    jruby-openssl (0.7.3)
      bouncy-castle-java
    rake (0.8.7)
    ruby-graphviz (0.9.20)
    sqlite3 (1.3.3)
    tzinfo (0.3.24)

PLATFORMS
  java
  ruby

DEPENDENCIES
  activerecord (~> 3.0)
  activerecord-jdbc-adapter
  activesupport (~> 3.0)
  bundler (~> 1.0.0)
  jdbc-sqlite3
  jeweler (~> 1.5.2)
  jruby-openssl
  rake
  ruby-graphviz (~> 0.9.18)
  sqlite3
